GEM
  remote: https://rubygems.org/
  specs:
    diff-lcs (1.2.5)
    github-markup (1.3.1)
      posix-spawn (~> 0.3.8)
    posix-spawn (0.3.9)
    rake (10.4.2)
    redcarpet (3.2.2)
    rspec (3.1.0)
      rspec-core (~> 3.1.0)
      rspec-expectations (~> 3.1.0)
      rspec-mocks (~> 3.1.0)
    rspec-core (3.1.7)
      rspec-support (~> 3.1.0)
    rspec-expectations (3.1.2)
      diff-lcs (>= 1.2.0, < 2.0)
      rspec-support (~> 3.1.0)
    rspec-mocks (3.1.3)
      rspec-support (~> 3.1.0)
    rspec-support (3.1.2)
    wkhtmltopdf-binary (0.9.9.3)

PLATFORMS
  ruby

DEPENDENCIES
  github-markup
  rake
  redcarpet
  rspec
  wkhtmltopdf-binary
