GEM
  remote: http://rubygems.org/
  specs:
    github-markup (0.7.5)
    wkhtmltopdf-binary (0.9.9.1)

PLATFORMS
  ruby

DEPENDENCIES
  github-markup
  wkhtmltopdf-binary
