GEM
  remote: https://rubygems.org/
  specs:
    diff-lcs (1.3)
    kramdown (2.3.0)
      rexml
    rexml (3.2.4)
    rspec (3.9.0)
      rspec-core (~> 3.9.0)
      rspec-expectations (~> 3.9.0)
      rspec-mocks (~> 3.9.0)
    rspec-core (3.9.1)
      rspec-support (~> 3.9.1)
    rspec-expectations (3.9.0)
      diff-lcs (>= 1.2.0, < 2.0)
      rspec-support (~> 3.9.0)
    rspec-mocks (3.9.1)
      diff-lcs (>= 1.2.0, < 2.0)
      rspec-support (~> 3.9.0)
    rspec-support (3.9.2)
    wkhtmltopdf-binary (0.12.5.4)

PLATFORMS
  ruby

DEPENDENCIES
  kramdown
  rspec
  wkhtmltopdf-binary

BUNDLED WITH
   2.1.2
