GEM
  remote: https://rubygems.org/
  specs:
    diff-lcs (1.5.1)
    kramdown (2.4.0)
      rexml
    rexml (3.3.3)
      strscan
    rspec (3.13.0)
      rspec-core (~> 3.13.0)
      rspec-expectations (~> 3.13.0)
      rspec-mocks (~> 3.13.0)
    rspec-core (3.13.0)
      rspec-support (~> 3.13.0)
    rspec-expectations (3.13.1)
      diff-lcs (>= 1.2.0, < 2.0)
      rspec-support (~> 3.13.0)
    rspec-mocks (3.13.1)
      diff-lcs (>= 1.2.0, < 2.0)
      rspec-support (~> 3.13.0)
    rspec-support (3.13.1)
    strscan (3.1.0)
    wkhtmltopdf-binary (0.12.6.7)

PLATFORMS
  ruby

DEPENDENCIES
  kramdown
  rspec
  wkhtmltopdf-binary

BUNDLED WITH
   2.5.16
